GEM
  remote: https://rubygems.org/
  specs:
    coderay (1.1.3)
    method_source (1.0.0)
    pry (0.13.1)
      coderay (~> 1.1)
      method_source (~> 1.0)
    rake (13.0.1)
    yaml (0.1.0)

PLATFORMS
  ruby

DEPENDENCIES
  pry
  rake
  yaml

BUNDLED WITH
   2.0.2
